GEM
  remote: https://rubygems.org/
  specs:
    colorize (0.8.1)
    fasterer (0.7.1)
      colorize (~> 0.7)
      ruby_parser (>= 3.13.0)
    ruby_parser (3.14.0)
      sexp_processor (~> 4.9)
    sexp_processor (4.13.0)

PLATFORMS
  ruby

DEPENDENCIES
  fasterer

BUNDLED WITH
   2.0.2
